RESTRICTION: || (== net45) (== netcoreapp2.1) (== netstandard2.0)
NUGET
  remote: https://api.nuget.org/v3/index.json
    Confluent.Kafka (0.11.4)
      librdkafka.redist (>= 0.11.4)
      NETStandard.Library (>= 1.6.1) - restriction: || (== netcoreapp2.1) (== netstandard2.0)
      System.Console (>= 4.3) - restriction: || (== netcoreapp2.1) (== netstandard2.0)
      System.Linq (>= 4.3) - restriction: || (== netcoreapp2.1) (== netstandard2.0)
      System.Runtime.CompilerServices.Unsafe (>= 4.0)
      System.Runtime.Extensions (>= 4.3) - restriction: || (== netcoreapp2.1) (== netstandard2.0)
      System.Runtime.InteropServices (>= 4.3) - restriction: || (== netcoreapp2.1) (== netstandard2.0)
      System.Threading (>= 4.3) - restriction: || (== netcoreapp2.1) (== netstandard2.0)
    FSharp.Core (4.3.4)
    librdkafka.redist (0.11.4)
    Microsoft.CodeCoverage (1.0.3) - restriction: || (== net45) (== netcoreapp2.1) (&& (== netstandard2.0) (>= net45)) (&& (== netstandard2.0) (>= netcoreapp1.0))
    Microsoft.DotNet.InternalAbstractions (1.0) - restriction: || (&& (== net45) (>= netcoreapp1.0)) (== netcoreapp2.1) (&& (== netstandard2.0) (>= netcoreapp1.0))
      System.AppContext (>= 4.1) - restriction: || (&& (== net45) (>= netstandard1.3)) (== netcoreapp2.1) (== netstandard2.0)
      System.Collections (>= 4.0.11) - restriction: || (&& (== net45) (>= netstandard1.3)) (== netcoreapp2.1) (== netstandard2.0)
      System.IO (>= 4.1) - restriction: || (&& (== net45) (>= netstandard1.3)) (== netcoreapp2.1) (== netstandard2.0)
      System.IO.FileSystem (>= 4.0.1) - restriction: || (&& (== net45) (>= netstandard1.3)) (== netcoreapp2.1) (== netstandard2.0)
      System.Reflection.TypeExtensions (>= 4.1) - restriction: || (&& (== net45) (>= netstandard1.3)) (== netcoreapp2.1) (== netstandard2.0)
      System.Runtime.Extensions (>= 4.1) - restriction: || (&& (== net45) (>= netstandard1.3)) (== netcoreapp2.1) (== netstandard2.0)
      System.Runtime.InteropServices (>= 4.1) - restriction: || (&& (== net45) (>= netstandard1.3)) (== netcoreapp2.1) (== netstandard2.0)
      System.Runtime.InteropServices.RuntimeInformation (>= 4.0) - restriction: || (&& (== net45) (>= netstandard1.3)) (== netcoreapp2.1) (== netstandard2.0)
    Microsoft.DotNet.PlatformAbstractions (2.1) - restriction: || (&& (== net45) (>= netcoreapp1.0)) (== netcoreapp2.1) (&& (== netstandard2.0) (>= netcoreapp1.0))
      System.AppContext (>= 4.1) - restriction: || (== netcoreapp2.1) (== netstandard2.0)
      System.Collections (>= 4.0.11) - restriction: || (== netcoreapp2.1) (== netstandard2.0)
      System.IO (>= 4.1) - restriction: || (== netcoreapp2.1) (== netstandard2.0)
      System.IO.FileSystem (>= 4.0.1) - restriction: || (== netcoreapp2.1) (== netstandard2.0)
      System.Reflection.TypeExtensions (>= 4.1) - restriction: || (== netcoreapp2.1) (== netstandard2.0)
      System.Runtime.Extensions (>= 4.1) - restriction: || (== netcoreapp2.1) (== netstandard2.0)
      System.Runtime.InteropServices (>= 4.1) - restriction: || (== netcoreapp2.1) (== netstandard2.0)
      System.Runtime.InteropServices.RuntimeInformation (>= 4.0)
    Microsoft.Extensions.DependencyModel (2.1) - restriction: || (&& (== net45) (>= netcoreapp1.0)) (== netcoreapp2.1) (&& (== netstandard2.0) (>= netcoreapp1.0))
      Microsoft.DotNet.PlatformAbstractions (>= 2.1) - restriction: || (&& (== net45) (>= net451)) (&& (== net45) (>= netstandard1.3)) (== netcoreapp2.1) (== netstandard2.0)
      Newtonsoft.Json (>= 9.0.1) - restriction: || (&& (== net45) (>= net451)) (&& (== net45) (>= netstandard1.3)) (== netcoreapp2.1) (== netstandard2.0)
      System.Diagnostics.Debug (>= 4.0.11) - restriction: || (&& (== net45) (>= netstandard1.3)) (&& (== net45) (>= netstandard1.6)) (== netcoreapp2.1) (== netstandard2.0)
      System.Dynamic.Runtime (>= 4.0.11) - restriction: || (&& (== net45) (>= netstandard1.3)) (&& (== net45) (>= netstandard1.6)) (== netcoreapp2.1) (== netstandard2.0)
      System.Linq (>= 4.1) - restriction: || (&& (== net45) (>= netstandard1.3)) (&& (== net45) (>= netstandard1.6)) (== netcoreapp2.1) (== netstandard2.0)
    Microsoft.NET.Test.Sdk (15.7.2)
      Microsoft.CodeCoverage (>= 1.0.3) - restriction: || (== net45) (== netcoreapp2.1) (&& (== netstandard2.0) (>= net45)) (&& (== netstandard2.0) (>= netcoreapp1.0))
      Microsoft.TestPlatform.TestHost (>= 15.7.2) - restriction: || (&& (== net45) (>= netcoreapp1.0)) (== netcoreapp2.1) (&& (== netstandard2.0) (>= netcoreapp1.0))
    Microsoft.NETCore.Platforms (2.1) - restriction: || (&& (== net45) (>= netcoreapp1.0)) (== netcoreapp2.1) (== netstandard2.0)
    Microsoft.NETCore.Targets (2.1) - restriction: || (&& (== net45) (>= netcoreapp1.0)) (== netcoreapp2.1) (== netstandard2.0)
    Microsoft.TestPlatform.ObjectModel (15.7.2) - restriction: || (&& (== net45) (>= netcoreapp1.0)) (== netcoreapp2.1) (&& (== netstandard2.0) (>= netcoreapp1.0))
      NETStandard.Library (>= 1.6) - restriction: || (&& (== net45) (>= netstandard1.5)) (== netcoreapp2.1) (== netstandard2.0)
      System.ComponentModel.EventBasedAsync (>= 4.0.11) - restriction: || (&& (== net45) (>= netstandard1.5)) (== netcoreapp2.1) (== netstandard2.0)
      System.ComponentModel.TypeConverter (>= 4.1) - restriction: || (&& (== net45) (>= netstandard1.4)) (&& (== net45) (>= netstandard1.5)) (== netcoreapp2.1) (== netstandard2.0)
      System.Diagnostics.Process (>= 4.1) - restriction: || (&& (== net45) (>= netstandard1.5)) (== netcoreapp2.1) (== netstandard2.0)
      System.Diagnostics.TextWriterTraceListener (>= 4.0) - restriction: || (&& (== net45) (>= netstandard1.5)) (== netcoreapp2.1) (== netstandard2.0)
      System.Diagnostics.TraceSource (>= 4.0) - restriction: || (&& (== net45) (>= netstandard1.5)) (== netcoreapp2.1) (== netstandard2.0)
      System.Reflection.Metadata (>= 1.3) - restriction: || (&& (== net45) (>= net451)) (&& (== net45) (>= netstandard1.5)) (== netcoreapp2.1) (== netstandard2.0)
      System.Reflection.TypeExtensions (>= 4.1) - restriction: || (&& (== net45) (>= netstandard1.5)) (== netcoreapp2.1) (== netstandard2.0)
      System.Runtime.InteropServices.RuntimeInformation (>= 4.0) - restriction: || (&& (== net45) (>= netstandard1.4)) (&& (== net45) (>= netstandard1.5)) (== netcoreapp2.1) (== netstandard2.0)
      System.Runtime.Loader (>= 4.0) - restriction: || (&& (== net45) (>= netstandard1.5)) (== netcoreapp2.1) (== netstandard2.0)
      System.Runtime.Serialization.Json (>= 4.0.2) - restriction: || (&& (== net45) (>= netstandard1.5)) (== netcoreapp2.1) (== netstandard2.0)
      System.Runtime.Serialization.Primitives (>= 4.1.1) - restriction: || (&& (== net45) (>= netstandard1.5)) (== netcoreapp2.1) (== netstandard2.0)
      System.Threading.Thread (>= 4.0) - restriction: || (&& (== net45) (>= netstandard1.5)) (== netcoreapp2.1) (== netstandard2.0)
      System.Xml.XPath.XmlDocument (>= 4.0.1) - restriction: || (&& (== net45) (>= netstandard1.5)) (== netcoreapp2.1) (== netstandard2.0)
    Microsoft.TestPlatform.TestHost (15.7.2) - restriction: || (&& (== net45) (>= netcoreapp1.0)) (== netcoreapp2.1) (&& (== netstandard2.0) (>= netcoreapp1.0))
      Microsoft.Extensions.DependencyModel (>= 1.0.3) - restriction: || (&& (== net45) (>= netcoreapp1.0)) (== netcoreapp2.1) (&& (== netstandard2.0) (>= netcoreapp1.0))
      Microsoft.TestPlatform.ObjectModel (>= 15.7.2) - restriction: || (&& (== net45) (>= netcoreapp1.0)) (&& (== net45) (>= uap10.0)) (== netcoreapp2.1) (&& (== netstandard2.0) (>= netcoreapp1.0)) (&& (== netstandard2.0) (>= uap10.0))
      Newtonsoft.Json (>= 9.0.1) - restriction: || (&& (== net45) (>= netcoreapp1.0)) (&& (== net45) (>= uap10.0)) (== netcoreapp2.1) (&& (== netstandard2.0) (>= netcoreapp1.0)) (&& (== netstandard2.0) (>= uap10.0))
    Microsoft.Win32.Primitives (4.3) - restriction: || (&& (== net45) (>= netcoreapp1.0)) (== netcoreapp2.1) (&& (== netstandard2.0) (>= netcoreapp1.0))
      Microsoft.NETCore.Platforms (>= 1.1) - restriction: || (&& (== net45) (>= netstandard1.3)) (== netcoreapp2.1) (== netstandard2.0)
      Microsoft.NETCore.Targets (>= 1.1) - restriction: || (&& (== net45) (>= netstandard1.3)) (== netcoreapp2.1) (== netstandard2.0)
      System.Runtime (>= 4.3) - restriction: || (&& (== net45) (>= netstandard1.3)) (== netcoreapp2.1) (== netstandard2.0)
    Microsoft.Win32.Registry (4.5) - restriction: || (&& (== net45) (>= netcoreapp1.0)) (== netcoreapp2.1) (&& (== netstandard2.0) (>= netcoreapp1.0))
      System.Security.AccessControl (>= 4.5) - restriction: || (&& (== net45) (>= monoandroid)) (&& (== net45) (>= monotouch)) (&& (== net45) (>= net461)) (&& (== net45) (>= netcoreapp2.0)) (&& (== net45) (>= netcoreapp2.1)) (&& (== net45) (>= netstandard2.0)) (&& (== net45) (>= xamarinios)) (&& (== net45) (>= xamarinmac)) (&& (== net45) (>= xamarintvos)) (&& (== net45) (>= xamarinwatchos)) (== netcoreapp2.1) (== netstandard2.0)
      System.Security.Principal.Windows (>= 4.5) - restriction: || (&& (== net45) (>= monoandroid)) (&& (== net45) (>= monotouch)) (&& (== net45) (>= net461)) (&& (== net45) (>= netcoreapp2.0)) (&& (== net45) (>= netcoreapp2.1)) (&& (== net45) (>= netstandard2.0)) (&& (== net45) (>= xamarinios)) (&& (== net45) (>= xamarinmac)) (&& (== net45) (>= xamarintvos)) (&& (== net45) (>= xamarinwatchos)) (== netcoreapp2.1) (== netstandard2.0)
    NETStandard.Library (2.0.3) - restriction: || (&& (== net45) (< net20) (>= netstandard2.0)) (&& (== net45) (>= netcoreapp1.0)) (== netcoreapp2.1) (== netstandard2.0)
      Microsoft.NETCore.Platforms (>= 1.1)
    Newtonsoft.Json (11.0.2)
    NLog (4.5.6)
    NUnit (3.10.1)
      NETStandard.Library (>= 2.0) - restriction: || (&& (== net45) (< net20) (>= netstandard2.0)) (== netcoreapp2.1) (== netstandard2.0)
    NUnit3TestAdapter (3.10)
      Microsoft.DotNet.InternalAbstractions (>= 1.0) - restriction: || (&& (== net45) (>= netcoreapp1.0)) (== netcoreapp2.1) (&& (== netstandard2.0) (>= netcoreapp1.0))
      System.ComponentModel.EventBasedAsync (>= 4.3) - restriction: || (&& (== net45) (>= netcoreapp1.0)) (== netcoreapp2.1) (&& (== netstandard2.0) (>= netcoreapp1.0))
      System.ComponentModel.TypeConverter (>= 4.3) - restriction: || (&& (== net45) (>= netcoreapp1.0)) (== netcoreapp2.1) (&& (== netstandard2.0) (>= netcoreapp1.0))
      System.Diagnostics.Process (>= 4.3) - restriction: || (&& (== net45) (>= netcoreapp1.0)) (== netcoreapp2.1) (&& (== netstandard2.0) (>= netcoreapp1.0))
      System.Reflection (>= 4.3) - restriction: || (&& (== net45) (>= netcoreapp1.0)) (== netcoreapp2.1) (&& (== netstandard2.0) (>= netcoreapp1.0))
      System.Runtime.InteropServices.RuntimeInformation (>= 4.3) - restriction: || (&& (== net45) (>= netcoreapp1.0)) (== netcoreapp2.1) (&& (== netstandard2.0) (>= netcoreapp1.0))
      System.Threading.Thread (>= 4.3) - restriction: || (&& (== net45) (>= netcoreapp1.0)) (== netcoreapp2.1) (&& (== netstandard2.0) (>= netcoreapp1.0))
      System.Xml.XmlDocument (>= 4.3) - restriction: || (&& (== net45) (>= netcoreapp1.0)) (== netcoreapp2.1) (&& (== netstandard2.0) (>= netcoreapp1.0))
      System.Xml.XPath.XmlDocument (>= 4.3) - restriction: || (&& (== net45) (>= netcoreapp1.0)) (== netcoreapp2.1) (&& (== netstandard2.0) (>= netcoreapp1.0))
    runtime.native.System (4.3) - restriction: || (&& (== net45) (>= netcoreapp1.0)) (== netcoreapp2.1) (&& (== netstandard2.0) (>= netcoreapp1.0))
      Microsoft.NETCore.Platforms (>= 1.1)
      Microsoft.NETCore.Targets (>= 1.1)
    System.AppContext (4.3) - restriction: || (&& (== net45) (>= netcoreapp1.0)) (== netcoreapp2.1) (&& (== netstandard2.0) (>= netcoreapp1.0))
      System.Runtime (>= 4.3) - restriction: || (&& (== net45) (>= dnxcore50)) (&& (== net45) (>= netstandard1.3)) (&& (== net45) (>= netstandard1.6)) (== netcoreapp2.1) (== netstandard2.0)
    System.Collections (4.3) - restriction: || (&& (== net45) (>= netcoreapp1.0)) (== netcoreapp2.1) (== netstandard2.0)
      Microsoft.NETCore.Platforms (>= 1.1) - restriction: || (&& (== net45) (>= dnxcore50)) (== netcoreapp2.1) (== netstandard2.0)
      Microsoft.NETCore.Targets (>= 1.1) - restriction: || (&& (== net45) (>= dnxcore50)) (== netcoreapp2.1) (== netstandard2.0)
      System.Runtime (>= 4.3) - restriction: || (&& (== net45) (>= dnxcore50)) (== netcoreapp2.1) (== netstandard2.0)
    System.Collections.Concurrent (4.3) - restriction: || (&& (== net45) (>= netcoreapp1.0)) (== netcoreapp2.1) (&& (== netstandard2.0) (>= netcoreapp1.0))
      System.Collections (>= 4.3) - restriction: || (&& (== net45) (>= dnxcore50)) (== netcoreapp2.1) (== netstandard2.0)
      System.Diagnostics.Debug (>= 4.3) - restriction: || (&& (== net45) (>= dnxcore50)) (== netcoreapp2.1) (== netstandard2.0)
      System.Diagnostics.Tracing (>= 4.3) - restriction: || (&& (== net45) (>= dnxcore50)) (== netcoreapp2.1) (== netstandard2.0)
      System.Globalization (>= 4.3) - restriction: || (&& (== net45) (>= dnxcore50)) (== netcoreapp2.1) (== netstandard2.0)
      System.Reflection (>= 4.3) - restriction: || (== netcoreapp2.1) (== netstandard2.0)
      System.Resources.ResourceManager (>= 4.3) - restriction: || (&& (== net45) (>= dnxcore50)) (== netcoreapp2.1) (== netstandard2.0)
      System.Runtime (>= 4.3) - restriction: || (&& (== net45) (>= dnxcore50)) (== netcoreapp2.1) (== netstandard2.0)
      System.Runtime.Extensions (>= 4.3) - restriction: || (&& (== net45) (>= dnxcore50)) (== netcoreapp2.1) (== netstandard2.0)
      System.Threading (>= 4.3) - restriction: || (&& (== net45) (>= dnxcore50)) (== netcoreapp2.1) (== netstandard2.0)
      System.Threading.Tasks (>= 4.3) - restriction: || (&& (== net45) (>= dnxcore50)) (== netcoreapp2.1) (== netstandard2.0)
    System.Collections.NonGeneric (4.3) - restriction: || (&& (== net45) (>= netcoreapp1.0)) (== netcoreapp2.1) (&& (== netstandard2.0) (>= netcoreapp1.0))
      System.Diagnostics.Debug (>= 4.3) - restriction: || (&& (== net45) (>= netstandard1.3)) (== netcoreapp2.1) (== netstandard2.0)
      System.Globalization (>= 4.3) - restriction: || (&& (== net45) (>= netstandard1.3)) (== netcoreapp2.1) (== netstandard2.0)
      System.Resources.ResourceManager (>= 4.3) - restriction: || (&& (== net45) (>= netstandard1.3)) (== netcoreapp2.1) (== netstandard2.0)
      System.Runtime (>= 4.3) - restriction: || (&& (== net45) (>= netstandard1.3)) (== netcoreapp2.1) (== netstandard2.0)
      System.Runtime.Extensions (>= 4.3) - restriction: || (&& (== net45) (>= netstandard1.3)) (== netcoreapp2.1) (== netstandard2.0)
      System.Threading (>= 4.3) - restriction: || (&& (== net45) (>= netstandard1.3)) (== netcoreapp2.1) (== netstandard2.0)
    System.Collections.Specialized (4.3) - restriction: || (&& (== net45) (>= netcoreapp1.0)) (== netcoreapp2.1) (&& (== netstandard2.0) (>= netcoreapp1.0))
      System.Collections.NonGeneric (>= 4.3) - restriction: || (&& (== net45) (>= netstandard1.3)) (== netcoreapp2.1) (== netstandard2.0)
      System.Globalization (>= 4.3) - restriction: || (&& (== net45) (>= netstandard1.3)) (== netcoreapp2.1) (== netstandard2.0)
      System.Globalization.Extensions (>= 4.3) - restriction: || (&& (== net45) (>= netstandard1.3)) (== netcoreapp2.1) (== netstandard2.0)
      System.Resources.ResourceManager (>= 4.3) - restriction: || (&& (== net45) (>= netstandard1.3)) (== netcoreapp2.1) (== netstandard2.0)
      System.Runtime (>= 4.3) - restriction: || (&& (== net45) (>= netstandard1.3)) (== netcoreapp2.1) (== netstandard2.0)
      System.Runtime.Extensions (>= 4.3) - restriction: || (&& (== net45) (>= netstandard1.3)) (== netcoreapp2.1) (== netstandard2.0)
      System.Threading (>= 4.3) - restriction: || (&& (== net45) (>= netstandard1.3)) (== netcoreapp2.1) (== netstandard2.0)
    System.ComponentModel (4.3) - restriction: || (&& (== net45) (>= netcoreapp1.0)) (== netcoreapp2.1) (&& (== netstandard2.0) (>= netcoreapp1.0))
      System.Runtime (>= 4.3) - restriction: || (&& (== net45) (>= dnxcore50)) (== netcoreapp2.1) (== netstandard2.0)
    System.ComponentModel.EventBasedAsync (4.3) - restriction: || (&& (== net45) (>= netcoreapp1.0)) (== netcoreapp2.1) (&& (== netstandard2.0) (>= netcoreapp1.0))
      System.Resources.ResourceManager (>= 4.3) - restriction: || (&& (== net45) (>= dnxcore50)) (== netcoreapp2.1) (== netstandard2.0)
      System.Runtime (>= 4.3) - restriction: || (&& (== net45) (>= dnxcore50)) (== netcoreapp2.1) (== netstandard2.0)
      System.Threading (>= 4.3) - restriction: || (&& (== net45) (>= dnxcore50)) (== netcoreapp2.1) (== netstandard2.0)
      System.Threading.Tasks (>= 4.3) - restriction: || (&& (== net45) (>= dnxcore50)) (== netcoreapp2.1) (== netstandard2.0)
    System.ComponentModel.Primitives (4.3) - restriction: || (&& (== net45) (>= netcoreapp1.0)) (== netcoreapp2.1) (&& (== netstandard2.0) (>= netcoreapp1.0))
      System.ComponentModel (>= 4.3) - restriction: || (== netcoreapp2.1) (== netstandard2.0)
      System.Resources.ResourceManager (>= 4.3) - restriction: || (== netcoreapp2.1) (== netstandard2.0)
      System.Runtime (>= 4.3) - restriction: || (== netcoreapp2.1) (== netstandard2.0)
    System.ComponentModel.TypeConverter (4.3) - restriction: || (&& (== net45) (>= netcoreapp1.0)) (== netcoreapp2.1) (&& (== netstandard2.0) (>= netcoreapp1.0))
      System.Collections (>= 4.3) - restriction: || (== netcoreapp2.1) (== netstandard2.0)
      System.Collections.NonGeneric (>= 4.3) - restriction: || (&& (== net45) (>= net462)) (== netcoreapp2.1) (== netstandard2.0)
      System.Collections.Specialized (>= 4.3) - restriction: || (== netcoreapp2.1) (== netstandard2.0)
      System.ComponentModel (>= 4.3) - restriction: || (== netcoreapp2.1) (== netstandard2.0)
      System.ComponentModel.Primitives (>= 4.3)
      System.Globalization (>= 4.3) - restriction: || (== netcoreapp2.1) (== netstandard2.0)
      System.Linq (>= 4.3) - restriction: || (== netcoreapp2.1) (== netstandard2.0)
      System.Reflection (>= 4.3) - restriction: || (== netcoreapp2.1) (== netstandard2.0)
      System.Reflection.Extensions (>= 4.3) - restriction: || (== netcoreapp2.1) (== netstandard2.0)
      System.Reflection.Primitives (>= 4.3) - restriction: || (== netcoreapp2.1) (== netstandard2.0)
      System.Reflection.TypeExtensions (>= 4.3) - restriction: || (== netcoreapp2.1) (== netstandard2.0)
      System.Resources.ResourceManager (>= 4.3) - restriction: || (== netcoreapp2.1) (== netstandard2.0)
      System.Runtime (>= 4.3) - restriction: || (== netcoreapp2.1) (== netstandard2.0)
      System.Runtime.Extensions (>= 4.3) - restriction: || (== netcoreapp2.1) (== netstandard2.0)
      System.Threading (>= 4.3) - restriction: || (== netcoreapp2.1) (== netstandard2.0)
    System.Console (4.3.1) - restriction: || (== netcoreapp2.1) (== netstandard2.0)
      Microsoft.NETCore.Platforms (>= 1.1) - restriction: || (&& (== net45) (>= netstandard1.3)) (== netcoreapp2.1) (== netstandard2.0)
      Microsoft.NETCore.Targets (>= 1.1.2) - restriction: || (&& (== net45) (>= netstandard1.3)) (== netcoreapp2.1) (== netstandard2.0)
      System.IO (>= 4.3) - restriction: || (&& (== net45) (>= netstandard1.3)) (== netcoreapp2.1) (== netstandard2.0)
      System.Runtime (>= 4.3) - restriction: || (&& (== net45) (>= netstandard1.3)) (== netcoreapp2.1) (== netstandard2.0)
      System.Text.Encoding (>= 4.3) - restriction: || (&& (== net45) (>= netstandard1.3)) (== netcoreapp2.1) (== netstandard2.0)
    System.Diagnostics.Debug (4.3) - restriction: || (&& (== net45) (>= netcoreapp1.0)) (== netcoreapp2.1) (== netstandard2.0)
      Microsoft.NETCore.Platforms (>= 1.1) - restriction: || (&& (== net45) (>= dnxcore50)) (== netcoreapp2.1) (== netstandard2.0)
      Microsoft.NETCore.Targets (>= 1.1) - restriction: || (&& (== net45) (>= dnxcore50)) (== netcoreapp2.1) (== netstandard2.0)
      System.Runtime (>= 4.3) - restriction: || (&& (== net45) (>= dnxcore50)) (== netcoreapp2.1) (== netstandard2.0)
    System.Diagnostics.Process (4.3) - restriction: || (&& (== net45) (>= netcoreapp1.0)) (== netcoreapp2.1) (&& (== netstandard2.0) (>= netcoreapp1.0))
      Microsoft.NETCore.Platforms (>= 1.1) - restriction: || (&& (== net45) (>= netstandard1.4)) (== netcoreapp2.1) (== netstandard2.0)
      Microsoft.Win32.Primitives (>= 4.3) - restriction: || (&& (== net45) (>= netstandard1.4)) (== netcoreapp2.1) (== netstandard2.0)
      Microsoft.Win32.Registry (>= 4.3) - restriction: || (&& (== net45) (>= netstandard1.4)) (== netcoreapp2.1) (== netstandard2.0)
      runtime.native.System (>= 4.3) - restriction: || (&& (== net45) (>= netstandard1.4)) (== netcoreapp2.1) (== netstandard2.0)
      System.Collections (>= 4.3) - restriction: || (&& (== net45) (>= netstandard1.4)) (== netcoreapp2.1) (== netstandard2.0)
      System.Diagnostics.Debug (>= 4.3) - restriction: || (&& (== net45) (>= netstandard1.4)) (== netcoreapp2.1) (== netstandard2.0)
      System.Globalization (>= 4.3) - restriction: || (&& (== net45) (>= netstandard1.4)) (== netcoreapp2.1) (== netstandard2.0)
      System.IO (>= 4.3) - restriction: || (&& (== net45) (>= netstandard1.3)) (&& (== net45) (>= netstandard1.4)) (== netcoreapp2.1) (== netstandard2.0)
      System.IO.FileSystem (>= 4.3) - restriction: || (&& (== net45) (>= netstandard1.4)) (== netcoreapp2.1) (== netstandard2.0)
      System.IO.FileSystem.Primitives (>= 4.3) - restriction: || (&& (== net45) (>= netstandard1.4)) (== netcoreapp2.1) (== netstandard2.0)
      System.Resources.ResourceManager (>= 4.3) - restriction: || (&& (== net45) (>= netstandard1.4)) (== netcoreapp2.1) (== netstandard2.0)
      System.Runtime (>= 4.3) - restriction: || (&& (== net45) (>= netstandard1.3)) (&& (== net45) (>= netstandard1.4)) (== netcoreapp2.1) (== netstandard2.0)
      System.Runtime.Extensions (>= 4.3) - restriction: || (&& (== net45) (>= netstandard1.4)) (== netcoreapp2.1) (== netstandard2.0)
      System.Runtime.Handles (>= 4.3) - restriction: || (&& (== net45) (>= netstandard1.3)) (&& (== net45) (>= netstandard1.4)) (== netcoreapp2.1) (== netstandard2.0)
      System.Runtime.InteropServices (>= 4.3) - restriction: || (&& (== net45) (>= netstandard1.4)) (== netcoreapp2.1) (== netstandard2.0)
      System.Text.Encoding (>= 4.3) - restriction: || (&& (== net45) (>= netstandard1.3)) (&& (== net45) (>= netstandard1.4)) (== netcoreapp2.1) (== netstandard2.0)
      System.Text.Encoding.Extensions (>= 4.3) - restriction: || (&& (== net45) (>= netstandard1.4)) (== netcoreapp2.1) (== netstandard2.0)
      System.Threading (>= 4.3) - restriction: || (&& (== net45) (>= netstandard1.4)) (== netcoreapp2.1) (== netstandard2.0)
      System.Threading.Tasks (>= 4.3) - restriction: || (&& (== net45) (>= netstandard1.4)) (== netcoreapp2.1) (== netstandard2.0)
      System.Threading.Thread (>= 4.3) - restriction: || (&& (== net45) (>= netstandard1.4)) (== netcoreapp2.1) (== netstandard2.0)
      System.Threading.ThreadPool (>= 4.3) - restriction: || (&& (== net45) (>= netstandard1.4)) (== netcoreapp2.1) (== netstandard2.0)
    System.Diagnostics.TextWriterTraceListener (4.3) - restriction: || (&& (== net45) (>= netcoreapp1.0)) (== netcoreapp2.1) (&& (== netstandard2.0) (>= netcoreapp1.0))
      System.Diagnostics.TraceSource (>= 4.3) - restriction: || (&& (== net45) (>= net46)) (&& (== net45) (>= netstandard1.3)) (== netcoreapp2.1) (== netstandard2.0)
      System.Globalization (>= 4.3) - restriction: || (&& (== net45) (>= netstandard1.3)) (== netcoreapp2.1) (== netstandard2.0)
      System.IO (>= 4.3) - restriction: || (&& (== net45) (>= netstandard1.3)) (== netcoreapp2.1) (== netstandard2.0)
      System.Resources.ResourceManager (>= 4.3) - restriction: || (&& (== net45) (>= netstandard1.3)) (== netcoreapp2.1) (== netstandard2.0)
      System.Runtime (>= 4.3) - restriction: || (&& (== net45) (>= netstandard1.3)) (== netcoreapp2.1) (== netstandard2.0)
      System.Threading (>= 4.3) - restriction: || (&& (== net45) (>= netstandard1.3)) (== netcoreapp2.1) (== netstandard2.0)
    System.Diagnostics.Tools (4.3) - restriction: || (&& (== net45) (>= netcoreapp1.0)) (== netcoreapp2.1) (&& (== netstandard2.0) (>= netcoreapp1.0))
      Microsoft.NETCore.Platforms (>= 1.1) - restriction: || (&& (== net45) (>= dnxcore50)) (== netcoreapp2.1) (== netstandard2.0)
      Microsoft.NETCore.Targets (>= 1.1) - restriction: || (&& (== net45) (>= dnxcore50)) (== netcoreapp2.1) (== netstandard2.0)
      System.Runtime (>= 4.3) - restriction: || (&& (== net45) (>= dnxcore50)) (== netcoreapp2.1) (== netstandard2.0)
    System.Diagnostics.TraceSource (4.3) - restriction: || (&& (== net45) (>= netcoreapp1.0)) (== netcoreapp2.1) (&& (== netstandard2.0) (>= netcoreapp1.0))
      Microsoft.NETCore.Platforms (>= 1.1) - restriction: || (&& (== net45) (>= netstandard1.3)) (== netcoreapp2.1) (== netstandard2.0)
      runtime.native.System (>= 4.3) - restriction: || (&& (== net45) (>= netstandard1.3)) (== netcoreapp2.1) (== netstandard2.0)
      System.Collections (>= 4.3) - restriction: || (&& (== net45) (>= netstandard1.3)) (== netcoreapp2.1) (== netstandard2.0)
      System.Diagnostics.Debug (>= 4.3) - restriction: || (&& (== net45) (>= netstandard1.3)) (== netcoreapp2.1) (== netstandard2.0)
      System.Globalization (>= 4.3) - restriction: || (&& (== net45) (>= netstandard1.3)) (== netcoreapp2.1) (== netstandard2.0)
      System.Resources.ResourceManager (>= 4.3) - restriction: || (&& (== net45) (>= netstandard1.3)) (== netcoreapp2.1) (== netstandard2.0)
      System.Runtime (>= 4.3) - restriction: || (&& (== net45) (>= netstandard1.3)) (== netcoreapp2.1) (== netstandard2.0)
      System.Runtime.Extensions (>= 4.3) - restriction: || (&& (== net45) (>= netstandard1.3)) (== netcoreapp2.1) (== netstandard2.0)
      System.Threading (>= 4.3) - restriction: || (&& (== net45) (>= netstandard1.3)) (== netcoreapp2.1) (== netstandard2.0)
    System.Diagnostics.Tracing (4.3) - restriction: || (&& (== net45) (>= netcoreapp1.0)) (== netcoreapp2.1) (&& (== netstandard2.0) (>= netcoreapp1.0))
      Microsoft.NETCore.Platforms (>= 1.1) - restriction: || (&& (== net45) (>= dnxcore50)) (== netcoreapp2.1) (== netstandard2.0)
      Microsoft.NETCore.Targets (>= 1.1) - restriction: || (&& (== net45) (>= dnxcore50)) (== netcoreapp2.1) (== netstandard2.0)
      System.Runtime (>= 4.3) - restriction: || (&& (== net45) (>= dnxcore50)) (== netcoreapp2.1) (== netstandard2.0)
    System.Dynamic.Runtime (4.3) - restriction: || (&& (== net45) (>= netcoreapp1.0)) (== netcoreapp2.1) (&& (== netstandard2.0) (>= netcoreapp1.0))
      System.Collections (>= 4.3) - restriction: || (&& (== net45) (>= dnxcore50)) (== netcoreapp2.1) (== netstandard2.0)
      System.Diagnostics.Debug (>= 4.3) - restriction: || (&& (== net45) (>= dnxcore50)) (== netcoreapp2.1) (== netstandard2.0)
      System.Linq (>= 4.3) - restriction: || (&& (== net45) (>= dnxcore50)) (== netcoreapp2.1) (== netstandard2.0)
      System.Linq.Expressions (>= 4.3) - restriction: || (&& (== net45) (>= dnxcore50)) (== netcoreapp2.1) (== netstandard2.0)
      System.ObjectModel (>= 4.3) - restriction: || (&& (== net45) (>= dnxcore50)) (== netcoreapp2.1) (== netstandard2.0)
      System.Reflection (>= 4.3) - restriction: || (&& (== net45) (>= dnxcore50)) (== netcoreapp2.1) (== netstandard2.0)
      System.Reflection.Emit (>= 4.3) - restriction: || (== netcoreapp2.1) (== netstandard2.0)
      System.Reflection.Emit.ILGeneration (>= 4.3) - restriction: || (== netcoreapp2.1) (== netstandard2.0)
      System.Reflection.Primitives (>= 4.3) - restriction: || (== netcoreapp2.1) (== netstandard2.0)
      System.Reflection.TypeExtensions (>= 4.3) - restriction: || (&& (== net45) (>= dnxcore50)) (== netcoreapp2.1) (== netstandard2.0)
      System.Resources.ResourceManager (>= 4.3) - restriction: || (&& (== net45) (>= dnxcore50)) (== netcoreapp2.1) (== netstandard2.0)
      System.Runtime (>= 4.3) - restriction: || (&& (== net45) (>= dnxcore50)) (== netcoreapp2.1) (== netstandard2.0)
      System.Runtime.Extensions (>= 4.3) - restriction: || (&& (== net45) (>= dnxcore50)) (== netcoreapp2.1) (== netstandard2.0)
      System.Threading (>= 4.3) - restriction: || (&& (== net45) (>= dnxcore50)) (== netcoreapp2.1) (== netstandard2.0)
    System.Globalization (4.3) - restriction: || (&& (== net45) (>= netcoreapp1.0)) (== netcoreapp2.1) (== netstandard2.0)
      Microsoft.NETCore.Platforms (>= 1.1) - restriction: || (&& (== net45) (>= dnxcore50)) (== netcoreapp2.1) (== netstandard2.0)
      Microsoft.NETCore.Targets (>= 1.1) - restriction: || (&& (== net45) (>= dnxcore50)) (== netcoreapp2.1) (== netstandard2.0)
      System.Runtime (>= 4.3) - restriction: || (&& (== net45) (>= dnxcore50)) (== netcoreapp2.1) (== netstandard2.0)
    System.Globalization.Extensions (4.3) - restriction: || (&& (== net45) (>= netcoreapp1.0)) (== netcoreapp2.1) (&& (== netstandard2.0) (>= netcoreapp1.0))
      Microsoft.NETCore.Platforms (>= 1.1) - restriction: || (&& (== net45) (>= netstandard1.3)) (== netcoreapp2.1) (== netstandard2.0)
      System.Globalization (>= 4.3) - restriction: || (&& (== net45) (>= netstandard1.3)) (== netcoreapp2.1) (== netstandard2.0)
      System.Resources.ResourceManager (>= 4.3) - restriction: || (&& (== net45) (>= netstandard1.3)) (== netcoreapp2.1) (== netstandard2.0)
      System.Runtime (>= 4.3) - restriction: || (&& (== net45) (>= netstandard1.3)) (== netcoreapp2.1) (== netstandard2.0)
      System.Runtime.Extensions (>= 4.3) - restriction: || (&& (== net45) (>= netstandard1.3)) (== netcoreapp2.1) (== netstandard2.0)
      System.Runtime.InteropServices (>= 4.3) - restriction: || (&& (== net45) (>= netstandard1.3)) (== netcoreapp2.1) (== netstandard2.0)
    System.IO (4.3) - restriction: || (&& (== net45) (>= netcoreapp1.0)) (== netcoreapp2.1) (== netstandard2.0)
      Microsoft.NETCore.Platforms (>= 1.1) - restriction: || (&& (== net45) (>= dnxcore50)) (== netcoreapp2.1) (== netstandard2.0)
      Microsoft.NETCore.Targets (>= 1.1) - restriction: || (&& (== net45) (>= dnxcore50)) (== netcoreapp2.1) (== netstandard2.0)
      System.Runtime (>= 4.3) - restriction: || (&& (== net45) (>= dnxcore50)) (== netcoreapp2.1) (== netstandard2.0)
      System.Text.Encoding (>= 4.3) - restriction: || (&& (== net45) (>= dnxcore50)) (== netcoreapp2.1) (== netstandard2.0)
      System.Threading.Tasks (>= 4.3) - restriction: || (&& (== net45) (>= dnxcore50)) (== netcoreapp2.1) (== netstandard2.0)
    System.IO.FileSystem (4.3) - restriction: || (&& (== net45) (>= netcoreapp1.0)) (== netcoreapp2.1) (&& (== netstandard2.0) (>= netcoreapp1.0))
      Microsoft.NETCore.Platforms (>= 1.1) - restriction: || (&& (== net45) (>= netstandard1.3)) (== netcoreapp2.1) (== netstandard2.0)
      Microsoft.NETCore.Targets (>= 1.1) - restriction: || (&& (== net45) (>= netstandard1.3)) (== netcoreapp2.1) (== netstandard2.0)
      System.IO (>= 4.3) - restriction: || (&& (== net45) (>= netstandard1.3)) (== netcoreapp2.1) (== netstandard2.0)
      System.IO.FileSystem.Primitives (>= 4.3) - restriction: || (&& (== net45) (>= net46)) (&& (== net45) (>= netstandard1.3)) (== netcoreapp2.1) (== netstandard2.0)
      System.Runtime (>= 4.3) - restriction: || (&& (== net45) (>= netstandard1.3)) (== netcoreapp2.1) (== netstandard2.0)
      System.Runtime.Handles (>= 4.3) - restriction: || (&& (== net45) (>= netstandard1.3)) (== netcoreapp2.1) (== netstandard2.0)
      System.Text.Encoding (>= 4.3) - restriction: || (&& (== net45) (>= netstandard1.3)) (== netcoreapp2.1) (== netstandard2.0)
      System.Threading.Tasks (>= 4.3) - restriction: || (&& (== net45) (>= netstandard1.3)) (== netcoreapp2.1) (== netstandard2.0)
    System.IO.FileSystem.Primitives (4.3) - restriction: || (&& (== net45) (>= netcoreapp1.0)) (== netcoreapp2.1) (&& (== netstandard2.0) (>= netcoreapp1.0))
      System.Runtime (>= 4.3) - restriction: || (&& (== net45) (>= netstandard1.3)) (== netcoreapp2.1) (== netstandard2.0)
    System.Linq (4.3) - restriction: || (&& (== net45) (>= netcoreapp1.0)) (== netcoreapp2.1) (== netstandard2.0)
      System.Collections (>= 4.3) - restriction: || (&& (== net45) (>= dnxcore50)) (== netcoreapp2.1) (== netstandard2.0)
      System.Diagnostics.Debug (>= 4.3) - restriction: || (&& (== net45) (>= dnxcore50)) (== netcoreapp2.1) (== netstandard2.0)
      System.Resources.ResourceManager (>= 4.3) - restriction: || (&& (== net45) (>= dnxcore50)) (== netcoreapp2.1) (== netstandard2.0)
      System.Runtime (>= 4.3) - restriction: || (&& (== net45) (>= dnxcore50)) (== netcoreapp2.1) (== netstandard2.0)
      System.Runtime.Extensions (>= 4.3) - restriction: || (&& (== net45) (>= dnxcore50)) (== netcoreapp2.1) (== netstandard2.0)
    System.Linq.Expressions (4.3) - restriction: || (&& (== net45) (>= netcoreapp1.0)) (== netcoreapp2.1) (&& (== netstandard2.0) (>= netcoreapp1.0))
      System.Collections (>= 4.3) - restriction: || (&& (== net45) (>= dnxcore50)) (== netcoreapp2.1) (== netstandard2.0)
      System.Diagnostics.Debug (>= 4.3) - restriction: || (&& (== net45) (>= dnxcore50)) (== netcoreapp2.1) (== netstandard2.0)
      System.Globalization (>= 4.3) - restriction: || (&& (== net45) (>= dnxcore50)) (== netcoreapp2.1) (== netstandard2.0)
      System.IO (>= 4.3) - restriction: || (&& (== net45) (>= dnxcore50)) (== netcoreapp2.1) (== netstandard2.0)
      System.Linq (>= 4.3) - restriction: || (&& (== net45) (>= dnxcore50)) (== netcoreapp2.1) (== netstandard2.0)
      System.ObjectModel (>= 4.3) - restriction: || (== netcoreapp2.1) (== netstandard2.0)
      System.Reflection (>= 4.3) - restriction: || (&& (== net45) (>= dnxcore50)) (== netcoreapp2.1) (== netstandard2.0)
      System.Reflection.Emit (>= 4.3) - restriction: || (== netcoreapp2.1) (== netstandard2.0)
      System.Reflection.Emit.ILGeneration (>= 4.3) - restriction: || (&& (== net45) (>= dnxcore50)) (== netcoreapp2.1) (== netstandard2.0)
      System.Reflection.Emit.Lightweight (>= 4.3) - restriction: || (&& (== net45) (>= dnxcore50)) (== netcoreapp2.1) (== netstandard2.0)
      System.Reflection.Extensions (>= 4.3) - restriction: || (&& (== net45) (>= dnxcore50)) (== netcoreapp2.1) (== netstandard2.0)
      System.Reflection.Primitives (>= 4.3) - restriction: || (&& (== net45) (>= dnxcore50)) (== netcoreapp2.1) (== netstandard2.0)
      System.Reflection.TypeExtensions (>= 4.3) - restriction: || (&& (== net45) (>= dnxcore50)) (== netcoreapp2.1) (== netstandard2.0)
      System.Resources.ResourceManager (>= 4.3) - restriction: || (&& (== net45) (>= dnxcore50)) (== netcoreapp2.1) (== netstandard2.0)
      System.Runtime (>= 4.3) - restriction: || (&& (== net45) (>= dnxcore50)) (== netcoreapp2.1) (== netstandard2.0)
      System.Runtime.Extensions (>= 4.3) - restriction: || (&& (== net45) (>= dnxcore50)) (== netcoreapp2.1) (== netstandard2.0)
      System.Threading (>= 4.3) - restriction: || (&& (== net45) (>= dnxcore50)) (== netcoreapp2.1) (== netstandard2.0)
    System.ObjectModel (4.3) - restriction: || (&& (== net45) (>= netcoreapp1.0)) (== netcoreapp2.1) (&& (== netstandard2.0) (>= netcoreapp1.0))
      System.Collections (>= 4.3) - restriction: || (&& (== net45) (>= dnxcore50)) (== netcoreapp2.1) (== netstandard2.0)
      System.Diagnostics.Debug (>= 4.3) - restriction: || (&& (== net45) (>= dnxcore50)) (== netcoreapp2.1) (== netstandard2.0)
      System.Resources.ResourceManager (>= 4.3) - restriction: || (&& (== net45) (>= dnxcore50)) (== netcoreapp2.1) (== netstandard2.0)
      System.Runtime (>= 4.3) - restriction: || (&& (== net45) (>= dnxcore50)) (== netcoreapp2.1) (== netstandard2.0)
      System.Threading (>= 4.3) - restriction: || (&& (== net45) (>= dnxcore50)) (== netcoreapp2.1) (== netstandard2.0)
    System.Private.DataContractSerialization (4.3) - restriction: || (&& (== net45) (>= netcoreapp1.0)) (== netcoreapp2.1) (&& (== netstandard2.0) (>= netcoreapp1.0))
      System.Collections (>= 4.3) - restriction: || (&& (== net45) (>= dnxcore50)) (&& (== net45) (>= netstandard1.3)) (== netcoreapp2.1) (== netstandard2.0)
      System.Collections.Concurrent (>= 4.3) - restriction: || (&& (== net45) (>= dnxcore50)) (&& (== net45) (>= netstandard1.3)) (== netcoreapp2.1) (== netstandard2.0)
      System.Diagnostics.Debug (>= 4.3) - restriction: || (&& (== net45) (>= dnxcore50)) (&& (== net45) (>= netstandard1.3)) (== netcoreapp2.1) (== netstandard2.0)
      System.Globalization (>= 4.3) - restriction: || (&& (== net45) (>= dnxcore50)) (&& (== net45) (>= netstandard1.3)) (== netcoreapp2.1) (== netstandard2.0)
      System.IO (>= 4.3) - restriction: || (&& (== net45) (>= dnxcore50)) (&& (== net45) (>= netstandard1.3)) (== netcoreapp2.1) (== netstandard2.0)
      System.Linq (>= 4.3) - restriction: || (&& (== net45) (>= dnxcore50)) (&& (== net45) (>= netstandard1.3)) (== netcoreapp2.1) (== netstandard2.0)
      System.Reflection (>= 4.3) - restriction: || (&& (== net45) (>= dnxcore50)) (&& (== net45) (>= netstandard1.3)) (== netcoreapp2.1) (== netstandard2.0)
      System.Reflection.Emit.ILGeneration (>= 4.3) - restriction: || (&& (== net45) (>= netstandard1.3)) (== netcoreapp2.1) (== netstandard2.0)
      System.Reflection.Emit.Lightweight (>= 4.3) - restriction: || (&& (== net45) (>= netstandard1.3)) (== netcoreapp2.1) (== netstandard2.0)
      System.Reflection.Extensions (>= 4.3) - restriction: || (&& (== net45) (>= dnxcore50)) (&& (== net45) (>= netstandard1.3)) (== netcoreapp2.1) (== netstandard2.0)
      System.Reflection.Primitives (>= 4.3) - restriction: || (&& (== net45) (>= dnxcore50)) (&& (== net45) (>= netstandard1.3)) (== netcoreapp2.1) (== netstandard2.0)
      System.Reflection.TypeExtensions (>= 4.3) - restriction: || (&& (== net45) (>= dnxcore50)) (&& (== net45) (>= net46)) (&& (== net45) (>= netstandard1.3)) (== netcoreapp2.1) (== netstandard2.0)
      System.Resources.ResourceManager (>= 4.3) - restriction: || (&& (== net45) (>= dnxcore50)) (&& (== net45) (>= netstandard1.3)) (== netcoreapp2.1) (== netstandard2.0)
      System.Runtime (>= 4.3) - restriction: || (&& (== net45) (>= dnxcore50)) (&& (== net45) (>= netstandard1.3)) (== netcoreapp2.1) (== netstandard2.0)
      System.Runtime.Extensions (>= 4.3) - restriction: || (&& (== net45) (>= dnxcore50)) (&& (== net45) (>= netstandard1.3)) (== netcoreapp2.1) (== netstandard2.0)
      System.Runtime.Serialization.Primitives (>= 4.3) - restriction: || (&& (== net45) (>= dnxcore50)) (&& (== net45) (>= net46)) (&& (== net45) (>= netstandard1.3)) (== netcoreapp2.1) (== netstandard2.0)
      System.Text.Encoding (>= 4.3) - restriction: || (&& (== net45) (>= dnxcore50)) (&& (== net45) (>= netstandard1.3)) (== netcoreapp2.1) (== netstandard2.0)
      System.Text.Encoding.Extensions (>= 4.3) - restriction: || (&& (== net45) (>= dnxcore50)) (&& (== net45) (>= netstandard1.3)) (== netcoreapp2.1) (== netstandard2.0)
      System.Text.RegularExpressions (>= 4.3) - restriction: || (&& (== net45) (>= dnxcore50)) (&& (== net45) (>= netstandard1.3)) (== netcoreapp2.1) (== netstandard2.0)
      System.Threading (>= 4.3) - restriction: || (&& (== net45) (>= dnxcore50)) (&& (== net45) (>= netstandard1.3)) (== netcoreapp2.1) (== netstandard2.0)
      System.Threading.Tasks (>= 4.3) - restriction: || (&& (== net45) (>= dnxcore50)) (&& (== net45) (>= netstandard1.3)) (== netcoreapp2.1) (== netstandard2.0)
      System.Xml.ReaderWriter (>= 4.3) - restriction: || (&& (== net45) (>= dnxcore50)) (&& (== net45) (>= netstandard1.3)) (== netcoreapp2.1) (== netstandard2.0)
      System.Xml.XDocument (>= 4.3) - restriction: || (&& (== net45) (>= dnxcore50)) (&& (== net45) (>= netstandard1.3)) (== netcoreapp2.1) (== netstandard2.0)
      System.Xml.XmlDocument (>= 4.3) - restriction: || (&& (== net45) (>= dnxcore50)) (&& (== net45) (>= net46)) (&& (== net45) (>= netstandard1.3)) (== netcoreapp2.1) (== netstandard2.0)
      System.Xml.XmlSerializer (>= 4.3) - restriction: || (&& (== net45) (>= dnxcore50)) (&& (== net45) (>= netstandard1.3)) (== netcoreapp2.1) (== netstandard2.0)
    System.Reflection (4.3) - restriction: || (&& (== net45) (>= netcoreapp1.0)) (== netcoreapp2.1) (== netstandard2.0)
      Microsoft.NETCore.Platforms (>= 1.1) - restriction: || (&& (== net45) (>= dnxcore50)) (== netcoreapp2.1) (== netstandard2.0)
      Microsoft.NETCore.Targets (>= 1.1) - restriction: || (&& (== net45) (>= dnxcore50)) (== netcoreapp2.1) (== netstandard2.0)
      System.IO (>= 4.3) - restriction: || (&& (== net45) (>= dnxcore50)) (== netcoreapp2.1) (== netstandard2.0)
      System.Reflection.Primitives (>= 4.3) - restriction: || (&& (== net45) (>= dnxcore50)) (== netcoreapp2.1) (== netstandard2.0)
      System.Runtime (>= 4.3) - restriction: || (&& (== net45) (>= dnxcore50)) (== netcoreapp2.1) (== netstandard2.0)
    System.Reflection.Emit (4.3) - restriction: || (&& (== net45) (>= netcoreapp1.0)) (== netcoreapp2.1) (&& (== netstandard2.0) (>= netcoreapp1.0))
      System.IO (>= 4.3) - restriction: || (== netcoreapp2.1) (== netstandard2.0)
      System.Reflection (>= 4.3) - restriction: || (== netcoreapp2.1) (== netstandard2.0)
      System.Reflection.Emit.ILGeneration (>= 4.3) - restriction: || (== netcoreapp2.1) (== netstandard2.0)
      System.Reflection.Primitives (>= 4.3) - restriction: || (== netcoreapp2.1) (== netstandard2.0)
      System.Runtime (>= 4.3) - restriction: || (== netcoreapp2.1) (== netstandard2.0)
    System.Reflection.Emit.ILGeneration (4.3) - restriction: || (&& (== net45) (>= netcoreapp1.0)) (== netcoreapp2.1) (&& (== netstandard2.0) (>= netcoreapp1.0))
      System.Reflection (>= 4.3) - restriction: || (== netcoreapp2.1) (== netstandard2.0)
      System.Reflection.Primitives (>= 4.3) - restriction: || (== netcoreapp2.1) (== netstandard2.0)
      System.Runtime (>= 4.3) - restriction: || (== netcoreapp2.1) (== netstandard2.0)
    System.Reflection.Emit.Lightweight (4.3) - restriction: || (&& (== net45) (>= netcoreapp1.0)) (== netcoreapp2.1) (&& (== netstandard2.0) (>= netcoreapp1.0))
      System.Reflection (>= 4.3) - restriction: || (== netcoreapp2.1) (== netstandard2.0)
      System.Reflection.Emit.ILGeneration (>= 4.3) - restriction: || (== netcoreapp2.1) (== netstandard2.0)
      System.Reflection.Primitives (>= 4.3) - restriction: || (== netcoreapp2.1) (== netstandard2.0)
      System.Runtime (>= 4.3) - restriction: || (== netcoreapp2.1) (== netstandard2.0)
    System.Reflection.Extensions (4.3) - restriction: || (&& (== net45) (>= netcoreapp1.0)) (== netcoreapp2.1) (&& (== netstandard2.0) (>= netcoreapp1.0))
      Microsoft.NETCore.Platforms (>= 1.1) - restriction: || (&& (== net45) (>= dnxcore50)) (== netcoreapp2.1) (== netstandard2.0)
      Microsoft.NETCore.Targets (>= 1.1) - restriction: || (&& (== net45) (>= dnxcore50)) (== netcoreapp2.1) (== netstandard2.0)
      System.Reflection (>= 4.3) - restriction: || (&& (== net45) (>= dnxcore50)) (== netcoreapp2.1) (== netstandard2.0)
      System.Runtime (>= 4.3) - restriction: || (&& (== net45) (>= dnxcore50)) (== netcoreapp2.1) (== netstandard2.0)
    System.Reflection.Metadata (1.6) - restriction: || (&& (== net45) (>= netcoreapp1.0)) (== netcoreapp2.1) (&& (== netstandard2.0) (>= netcoreapp1.0))
    System.Reflection.Primitives (4.3) - restriction: || (&& (== net45) (>= netcoreapp1.0)) (== netcoreapp2.1) (== netstandard2.0)
      Microsoft.NETCore.Platforms (>= 1.1) - restriction: || (&& (== net45) (>= dnxcore50)) (== netcoreapp2.1) (== netstandard2.0)
      Microsoft.NETCore.Targets (>= 1.1) - restriction: || (&& (== net45) (>= dnxcore50)) (== netcoreapp2.1) (== netstandard2.0)
      System.Runtime (>= 4.3) - restriction: || (&& (== net45) (>= dnxcore50)) (== netcoreapp2.1) (== netstandard2.0)
    System.Reflection.TypeExtensions (4.5) - restriction: || (&& (== net45) (>= netcoreapp1.0)) (== netcoreapp2.1) (&& (== netstandard2.0) (>= netcoreapp1.0))
    System.Resources.ResourceManager (4.3) - restriction: || (&& (== net45) (>= netcoreapp1.0)) (== netcoreapp2.1) (== netstandard2.0)
      Microsoft.NETCore.Platforms (>= 1.1) - restriction: || (&& (== net45) (>= dnxcore50)) (== netcoreapp2.1) (== netstandard2.0)
      Microsoft.NETCore.Targets (>= 1.1) - restriction: || (&& (== net45) (>= dnxcore50)) (== netcoreapp2.1) (== netstandard2.0)
      System.Globalization (>= 4.3) - restriction: || (&& (== net45) (>= dnxcore50)) (== netcoreapp2.1) (== netstandard2.0)
      System.Reflection (>= 4.3) - restriction: || (&& (== net45) (>= dnxcore50)) (== netcoreapp2.1) (== netstandard2.0)
      System.Runtime (>= 4.3) - restriction: || (&& (== net45) (>= dnxcore50)) (== netcoreapp2.1) (== netstandard2.0)
    System.Runtime (4.3) - restriction: || (&& (== net45) (>= netcoreapp1.0)) (== netcoreapp2.1) (== netstandard2.0)
      Microsoft.NETCore.Platforms (>= 1.1) - restriction: || (&& (== net45) (>= dnxcore50)) (== netcoreapp2.1) (== netstandard2.0)
      Microsoft.NETCore.Targets (>= 1.1) - restriction: || (&& (== net45) (>= dnxcore50)) (== netcoreapp2.1) (== netstandard2.0)
    System.Runtime.CompilerServices.Unsafe (4.5.1)
    System.Runtime.Extensions (4.3) - restriction: || (&& (== net45) (>= netcoreapp1.0)) (== netcoreapp2.1) (== netstandard2.0)
      Microsoft.NETCore.Platforms (>= 1.1) - restriction: || (&& (== net45) (>= dnxcore50)) (== netcoreapp2.1) (== netstandard2.0)
      Microsoft.NETCore.Targets (>= 1.1) - restriction: || (&& (== net45) (>= dnxcore50)) (== netcoreapp2.1) (== netstandard2.0)
      System.Runtime (>= 4.3) - restriction: || (&& (== net45) (>= dnxcore50)) (== netcoreapp2.1) (== netstandard2.0)
    System.Runtime.Handles (4.3) - restriction: || (&& (== net45) (>= netcoreapp1.0)) (== netcoreapp2.1) (== netstandard2.0)
      Microsoft.NETCore.Platforms (>= 1.1) - restriction: || (&& (== net45) (>= netstandard1.3)) (== netcoreapp2.1) (== netstandard2.0)
      Microsoft.NETCore.Targets (>= 1.1) - restriction: || (&& (== net45) (>= netstandard1.3)) (== netcoreapp2.1) (== netstandard2.0)
      System.Runtime (>= 4.3) - restriction: || (&& (== net45) (>= netstandard1.3)) (== netcoreapp2.1) (== netstandard2.0)
    System.Runtime.InteropServices (4.3) - restriction: || (&& (== net45) (>= netcoreapp1.0)) (== netcoreapp2.1) (== netstandard2.0)
      Microsoft.NETCore.Platforms (>= 1.1) - restriction: || (&& (== net45) (>= dnxcore50)) (&& (== net45) (>= netcoreapp1.1)) (== netcoreapp2.1) (== netstandard2.0)
      Microsoft.NETCore.Targets (>= 1.1) - restriction: || (&& (== net45) (>= dnxcore50)) (&& (== net45) (>= netcoreapp1.1)) (== netcoreapp2.1) (== netstandard2.0)
      System.Reflection (>= 4.3) - restriction: || (&& (== net45) (>= dnxcore50)) (&& (== net45) (>= netcoreapp1.1)) (== netcoreapp2.1) (== netstandard2.0)
      System.Reflection.Primitives (>= 4.3) - restriction: || (&& (== net45) (>= dnxcore50)) (&& (== net45) (>= netcoreapp1.1)) (== netcoreapp2.1) (== netstandard2.0)
      System.Runtime (>= 4.3) - restriction: || (&& (== net45) (>= dnxcore50)) (&& (== net45) (>= net462)) (&& (== net45) (>= netcoreapp1.1)) (== netcoreapp2.1) (== netstandard2.0)
      System.Runtime.Handles (>= 4.3) - restriction: || (&& (== net45) (>= dnxcore50)) (&& (== net45) (>= netcoreapp1.1)) (== netcoreapp2.1) (== netstandard2.0)
    System.Runtime.InteropServices.RuntimeInformation (4.3) - restriction: || (&& (== net45) (>= netcoreapp1.0)) (== netcoreapp2.1) (&& (== netstandard2.0) (>= netcoreapp1.0))
      runtime.native.System (>= 4.3) - restriction: || (== netcoreapp2.1) (== netstandard2.0)
      System.Reflection (>= 4.3) - restriction: || (&& (== net45) (>= dnxcore50)) (== netcoreapp2.1) (== netstandard2.0)
      System.Reflection.Extensions (>= 4.3) - restriction: || (&& (== net45) (>= dnxcore50)) (== netcoreapp2.1) (== netstandard2.0)
      System.Resources.ResourceManager (>= 4.3) - restriction: || (&& (== net45) (>= dnxcore50)) (== netcoreapp2.1) (== netstandard2.0)
      System.Runtime (>= 4.3) - restriction: || (&& (== net45) (>= dnxcore50)) (== netcoreapp2.1) (== netstandard2.0)
      System.Runtime.InteropServices (>= 4.3) - restriction: || (== netcoreapp2.1) (== netstandard2.0)
      System.Threading (>= 4.3) - restriction: || (&& (== net45) (>= dnxcore50)) (== netcoreapp2.1) (== netstandard2.0)
    System.Runtime.Loader (4.3) - restriction: || (&& (== net45) (>= netcoreapp1.0)) (== netcoreapp2.1) (&& (== netstandard2.0) (>= netcoreapp1.0))
      System.IO (>= 4.3) - restriction: || (&& (== net45) (>= netstandard1.5)) (== netcoreapp2.1) (== netstandard2.0)
      System.Reflection (>= 4.3) - restriction: || (&& (== net45) (>= netstandard1.5)) (== netcoreapp2.1) (== netstandard2.0)
      System.Runtime (>= 4.3) - restriction: || (&& (== net45) (>= netstandard1.5)) (== netcoreapp2.1) (== netstandard2.0)
    System.Runtime.Serialization.Json (4.3) - restriction: || (&& (== net45) (>= netcoreapp1.0)) (== netcoreapp2.1) (&& (== netstandard2.0) (>= netcoreapp1.0))
      System.IO (>= 4.3) - restriction: || (&& (== net45) (>= dnxcore50)) (== netcoreapp2.1) (== netstandard2.0)
      System.Private.DataContractSerialization (>= 4.3) - restriction: || (&& (== net45) (>= dnxcore50)) (== netcoreapp2.1) (== netstandard2.0)
      System.Runtime (>= 4.3) - restriction: || (&& (== net45) (>= dnxcore50)) (== netcoreapp2.1) (== netstandard2.0)
    System.Runtime.Serialization.Primitives (4.3) - restriction: || (&& (== net45) (>= netcoreapp1.0)) (== netcoreapp2.1) (&& (== netstandard2.0) (>= netcoreapp1.0))
      System.Resources.ResourceManager (>= 4.3) - restriction: || (&& (== net45) (>= dnxcore50)) (== netcoreapp2.1) (== netstandard2.0)
      System.Runtime (>= 4.3) - restriction: || (&& (== net45) (>= dnxcore50)) (== netcoreapp2.1) (== netstandard2.0)
    System.Security.AccessControl (4.5) - restriction: || (&& (== net45) (>= monoandroid) (>= netcoreapp1.0)) (&& (== net45) (>= monotouch) (>= netcoreapp1.0)) (&& (== net45) (>= net461) (>= netcoreapp1.0)) (&& (== net45) (>= netcoreapp1.0) (>= netstandard2.0)) (&& (== net45) (>= netcoreapp1.0) (>= xamarinios)) (&& (== net45) (>= netcoreapp1.0) (>= xamarinmac)) (&& (== net45) (>= netcoreapp1.0) (>= xamarintvos)) (&& (== net45) (>= netcoreapp1.0) (>= xamarinwatchos)) (&& (== net45) (>= netcoreapp2.0)) (&& (== net45) (>= netcoreapp2.1)) (== netcoreapp2.1) (&& (== netstandard2.0) (>= netcoreapp1.0)) (&& (== netstandard2.0) (>= netcoreapp2.0)) (&& (== netstandard2.0) (>= netcoreapp2.1))
      System.Security.Principal.Windows (>= 4.5) - restriction: || (&& (== net45) (>= net461)) (&& (== net45) (>= netcoreapp2.0)) (&& (== net45) (>= netstandard2.0)) (== netcoreapp2.1) (== netstandard2.0)
    System.Security.Principal.Windows (4.5) - restriction: || (&& (== net45) (>= monoandroid) (>= netcoreapp1.0)) (&& (== net45) (>= monotouch) (>= netcoreapp1.0)) (&& (== net45) (>= net461) (>= netcoreapp1.0)) (&& (== net45) (>= netcoreapp1.0) (>= netstandard2.0)) (&& (== net45) (>= netcoreapp1.0) (>= xamarinios)) (&& (== net45) (>= netcoreapp1.0) (>= xamarinmac)) (&& (== net45) (>= netcoreapp1.0) (>= xamarintvos)) (&& (== net45) (>= netcoreapp1.0) (>= xamarinwatchos)) (&& (== net45) (>= netcoreapp2.0)) (&& (== net45) (>= netcoreapp2.1)) (== netcoreapp2.1) (&& (== netstandard2.0) (>= netcoreapp1.0)) (&& (== netstandard2.0) (>= netcoreapp2.0)) (&& (== netstandard2.0) (>= netcoreapp2.1))
    System.Text.Encoding (4.3) - restriction: || (&& (== net45) (>= netcoreapp1.0)) (== netcoreapp2.1) (== netstandard2.0)
      Microsoft.NETCore.Platforms (>= 1.1) - restriction: || (&& (== net45) (>= dnxcore50)) (== netcoreapp2.1) (== netstandard2.0)
      Microsoft.NETCore.Targets (>= 1.1) - restriction: || (&& (== net45) (>= dnxcore50)) (== netcoreapp2.1) (== netstandard2.0)
      System.Runtime (>= 4.3) - restriction: || (&& (== net45) (>= dnxcore50)) (== netcoreapp2.1) (== netstandard2.0)
    System.Text.Encoding.Extensions (4.3) - restriction: || (&& (== net45) (>= netcoreapp1.0)) (== netcoreapp2.1) (&& (== netstandard2.0) (>= netcoreapp1.0))
      Microsoft.NETCore.Platforms (>= 1.1) - restriction: || (&& (== net45) (>= dnxcore50)) (== netcoreapp2.1) (== netstandard2.0)
      Microsoft.NETCore.Targets (>= 1.1) - restriction: || (&& (== net45) (>= dnxcore50)) (== netcoreapp2.1) (== netstandard2.0)
      System.Runtime (>= 4.3) - restriction: || (&& (== net45) (>= dnxcore50)) (== netcoreapp2.1) (== netstandard2.0)
      System.Text.Encoding (>= 4.3) - restriction: || (&& (== net45) (>= dnxcore50)) (== netcoreapp2.1) (== netstandard2.0)
    System.Text.RegularExpressions (4.3) - restriction: || (&& (== net45) (>= netcoreapp1.0)) (== netcoreapp2.1) (&& (== netstandard2.0) (>= netcoreapp1.0))
      System.Runtime (>= 4.3) - restriction: || (&& (== net45) (>= dnxcore50)) (&& (== net45) (>= netcoreapp1.1)) (== netcoreapp2.1) (== netstandard2.0)
    System.Threading (4.3) - restriction: || (&& (== net45) (>= netcoreapp1.0)) (== netcoreapp2.1) (== netstandard2.0)
      System.Runtime (>= 4.3) - restriction: || (&& (== net45) (>= dnxcore50)) (== netcoreapp2.1) (== netstandard2.0)
      System.Threading.Tasks (>= 4.3) - restriction: || (&& (== net45) (>= dnxcore50)) (== netcoreapp2.1) (== netstandard2.0)
    System.Threading.Tasks (4.3) - restriction: || (&& (== net45) (>= netcoreapp1.0)) (== netcoreapp2.1) (== netstandard2.0)
      Microsoft.NETCore.Platforms (>= 1.1) - restriction: || (&& (== net45) (>= dnxcore50)) (== netcoreapp2.1) (== netstandard2.0)
      Microsoft.NETCore.Targets (>= 1.1) - restriction: || (&& (== net45) (>= dnxcore50)) (== netcoreapp2.1) (== netstandard2.0)
      System.Runtime (>= 4.3) - restriction: || (&& (== net45) (>= dnxcore50)) (== netcoreapp2.1) (== netstandard2.0)
    System.Threading.Tasks.Extensions (4.5.1) - restriction: || (&& (== net45) (>= netcoreapp1.0)) (== netcoreapp2.1) (&& (== netstandard2.0) (>= netcoreapp1.0))
    System.Threading.Thread (4.3) - restriction: || (&& (== net45) (>= netcoreapp1.0)) (== netcoreapp2.1) (&& (== netstandard2.0) (>= netcoreapp1.0))
      System.Runtime (>= 4.3) - restriction: || (&& (== net45) (>= netstandard1.3)) (== netcoreapp2.1) (== netstandard2.0)
    System.Threading.ThreadPool (4.3) - restriction: || (&& (== net45) (>= netcoreapp1.0)) (== netcoreapp2.1) (&& (== netstandard2.0) (>= netcoreapp1.0))
      System.Runtime (>= 4.3) - restriction: || (&& (== net45) (>= netstandard1.3)) (== netcoreapp2.1) (== netstandard2.0)
      System.Runtime.Handles (>= 4.3) - restriction: || (&& (== net45) (>= netstandard1.3)) (== netcoreapp2.1) (== netstandard2.0)
    System.ValueTuple (4.5)
    System.Xml.ReaderWriter (4.3.1) - restriction: || (&& (== net45) (>= netcoreapp1.0)) (== netcoreapp2.1) (&& (== netstandard2.0) (>= netcoreapp1.0))
      System.Collections (>= 4.3) - restriction: || (&& (== net45) (>= dnxcore50)) (== netcoreapp2.1) (== netstandard2.0)
      System.Diagnostics.Debug (>= 4.3) - restriction: || (&& (== net45) (>= dnxcore50)) (== netcoreapp2.1) (== netstandard2.0)
      System.Globalization (>= 4.3) - restriction: || (&& (== net45) (>= dnxcore50)) (== netcoreapp2.1) (== netstandard2.0)
      System.IO (>= 4.3) - restriction: || (&& (== net45) (>= dnxcore50)) (== netcoreapp2.1) (== netstandard2.0)
      System.IO.FileSystem (>= 4.3) - restriction: || (&& (== net45) (>= dnxcore50)) (== netcoreapp2.1) (== netstandard2.0)
      System.IO.FileSystem.Primitives (>= 4.3) - restriction: || (&& (== net45) (>= dnxcore50)) (== netcoreapp2.1) (== netstandard2.0)
      System.Resources.ResourceManager (>= 4.3) - restriction: || (&& (== net45) (>= dnxcore50)) (== netcoreapp2.1) (== netstandard2.0)
      System.Runtime (>= 4.3) - restriction: || (&& (== net45) (>= dnxcore50)) (== netcoreapp2.1) (== netstandard2.0)
      System.Runtime.Extensions (>= 4.3) - restriction: || (&& (== net45) (>= dnxcore50)) (== netcoreapp2.1) (== netstandard2.0)
      System.Runtime.InteropServices (>= 4.3) - restriction: || (&& (== net45) (>= dnxcore50)) (== netcoreapp2.1) (== netstandard2.0)
      System.Text.Encoding (>= 4.3) - restriction: || (&& (== net45) (>= dnxcore50)) (== netcoreapp2.1) (== netstandard2.0)
      System.Text.Encoding.Extensions (>= 4.3) - restriction: || (&& (== net45) (>= dnxcore50)) (== netcoreapp2.1) (== netstandard2.0)
      System.Text.RegularExpressions (>= 4.3) - restriction: || (&& (== net45) (>= dnxcore50)) (== netcoreapp2.1) (== netstandard2.0)
      System.Threading.Tasks (>= 4.3) - restriction: || (&& (== net45) (>= dnxcore50)) (== netcoreapp2.1) (== netstandard2.0)
      System.Threading.Tasks.Extensions (>= 4.3) - restriction: || (&& (== net45) (>= dnxcore50)) (== netcoreapp2.1) (== netstandard2.0)
    System.Xml.XDocument (4.3) - restriction: || (&& (== net45) (>= netcoreapp1.0)) (== netcoreapp2.1) (&& (== netstandard2.0) (>= netcoreapp1.0))
      System.Collections (>= 4.3) - restriction: || (&& (== net45) (>= dnxcore50)) (== netcoreapp2.1) (== netstandard2.0)
      System.Diagnostics.Debug (>= 4.3) - restriction: || (&& (== net45) (>= dnxcore50)) (== netcoreapp2.1) (== netstandard2.0)
      System.Diagnostics.Tools (>= 4.3) - restriction: || (&& (== net45) (>= dnxcore50)) (== netcoreapp2.1) (== netstandard2.0)
      System.Globalization (>= 4.3) - restriction: || (&& (== net45) (>= dnxcore50)) (== netcoreapp2.1) (== netstandard2.0)
      System.IO (>= 4.3) - restriction: || (&& (== net45) (>= dnxcore50)) (== netcoreapp2.1) (== netstandard2.0)
      System.Reflection (>= 4.3) - restriction: || (&& (== net45) (>= dnxcore50)) (== netcoreapp2.1) (== netstandard2.0)
      System.Resources.ResourceManager (>= 4.3) - restriction: || (&& (== net45) (>= dnxcore50)) (== netcoreapp2.1) (== netstandard2.0)
      System.Runtime (>= 4.3) - restriction: || (&& (== net45) (>= dnxcore50)) (== netcoreapp2.1) (== netstandard2.0)
      System.Runtime.Extensions (>= 4.3) - restriction: || (&& (== net45) (>= dnxcore50)) (== netcoreapp2.1) (== netstandard2.0)
      System.Text.Encoding (>= 4.3) - restriction: || (&& (== net45) (>= dnxcore50)) (== netcoreapp2.1) (== netstandard2.0)
      System.Threading (>= 4.3) - restriction: || (&& (== net45) (>= dnxcore50)) (== netcoreapp2.1) (== netstandard2.0)
      System.Xml.ReaderWriter (>= 4.3) - restriction: || (&& (== net45) (>= dnxcore50)) (== netcoreapp2.1) (== netstandard2.0)
    System.Xml.XmlDocument (4.3) - restriction: || (&& (== net45) (>= netcoreapp1.0)) (== netcoreapp2.1) (&& (== netstandard2.0) (>= netcoreapp1.0))
      System.Collections (>= 4.3) - restriction: || (&& (== net45) (>= netstandard1.3)) (== netcoreapp2.1) (== netstandard2.0)
      System.Diagnostics.Debug (>= 4.3) - restriction: || (&& (== net45) (>= netstandard1.3)) (== netcoreapp2.1) (== netstandard2.0)
      System.Globalization (>= 4.3) - restriction: || (&& (== net45) (>= netstandard1.3)) (== netcoreapp2.1) (== netstandard2.0)
      System.IO (>= 4.3) - restriction: || (&& (== net45) (>= netstandard1.3)) (== netcoreapp2.1) (== netstandard2.0)
      System.Resources.ResourceManager (>= 4.3) - restriction: || (&& (== net45) (>= netstandard1.3)) (== netcoreapp2.1) (== netstandard2.0)
      System.Runtime (>= 4.3) - restriction: || (&& (== net45) (>= netstandard1.3)) (== netcoreapp2.1) (== netstandard2.0)
      System.Runtime.Extensions (>= 4.3) - restriction: || (&& (== net45) (>= netstandard1.3)) (== netcoreapp2.1) (== netstandard2.0)
      System.Text.Encoding (>= 4.3) - restriction: || (&& (== net45) (>= netstandard1.3)) (== netcoreapp2.1) (== netstandard2.0)
      System.Threading (>= 4.3) - restriction: || (&& (== net45) (>= netstandard1.3)) (== netcoreapp2.1) (== netstandard2.0)
      System.Xml.ReaderWriter (>= 4.3) - restriction: || (&& (== net45) (>= netstandard1.3)) (== netcoreapp2.1) (== netstandard2.0)
    System.Xml.XmlSerializer (4.3) - restriction: || (&& (== net45) (>= netcoreapp1.0)) (== netcoreapp2.1) (&& (== netstandard2.0) (>= netcoreapp1.0))
      System.Collections (>= 4.3) - restriction: || (&& (== net45) (>= dnxcore50)) (== netcoreapp2.1) (== netstandard2.0)
      System.Globalization (>= 4.3) - restriction: || (&& (== net45) (>= dnxcore50)) (== netcoreapp2.1) (== netstandard2.0)
      System.IO (>= 4.3) - restriction: || (&& (== net45) (>= dnxcore50)) (== netcoreapp2.1) (== netstandard2.0)
      System.Linq (>= 4.3) - restriction: || (&& (== net45) (>= dnxcore50)) (== netcoreapp2.1) (== netstandard2.0)
      System.Reflection (>= 4.3) - restriction: || (&& (== net45) (>= dnxcore50)) (== netcoreapp2.1) (== netstandard2.0)
      System.Reflection.Emit (>= 4.3) - restriction: || (&& (== net45) (>= dnxcore50)) (== netcoreapp2.1) (== netstandard2.0)
      System.Reflection.Emit.ILGeneration (>= 4.3) - restriction: || (&& (== net45) (>= dnxcore50)) (== netcoreapp2.1) (== netstandard2.0)
      System.Reflection.Extensions (>= 4.3) - restriction: || (&& (== net45) (>= dnxcore50)) (== netcoreapp2.1) (== netstandard2.0)
      System.Reflection.Primitives (>= 4.3) - restriction: || (&& (== net45) (>= dnxcore50)) (== netcoreapp2.1) (== netstandard2.0)
      System.Reflection.TypeExtensions (>= 4.3) - restriction: || (&& (== net45) (>= dnxcore50)) (== netcoreapp2.1) (== netstandard2.0)
      System.Resources.ResourceManager (>= 4.3) - restriction: || (&& (== net45) (>= dnxcore50)) (== netcoreapp2.1) (== netstandard2.0)
      System.Runtime (>= 4.3) - restriction: || (&& (== net45) (>= dnxcore50)) (== netcoreapp2.1) (== netstandard2.0)
      System.Runtime.Extensions (>= 4.3) - restriction: || (&& (== net45) (>= dnxcore50)) (== netcoreapp2.1) (== netstandard2.0)
      System.Text.RegularExpressions (>= 4.3) - restriction: || (&& (== net45) (>= dnxcore50)) (== netcoreapp2.1) (== netstandard2.0)
      System.Threading (>= 4.3) - restriction: || (&& (== net45) (>= dnxcore50)) (== netcoreapp2.1) (== netstandard2.0)
      System.Xml.ReaderWriter (>= 4.3) - restriction: || (&& (== net45) (>= dnxcore50)) (== netcoreapp2.1) (== netstandard2.0)
      System.Xml.XmlDocument (>= 4.3) - restriction: || (&& (== net45) (>= dnxcore50)) (== netcoreapp2.1) (== netstandard2.0)
    System.Xml.XPath (4.3) - restriction: || (&& (== net45) (>= netcoreapp1.0)) (== netcoreapp2.1) (&& (== netstandard2.0) (>= netcoreapp1.0))
      System.Collections (>= 4.3) - restriction: || (&& (== net45) (>= netstandard1.3)) (== netcoreapp2.1) (== netstandard2.0)
      System.Diagnostics.Debug (>= 4.3) - restriction: || (&& (== net45) (>= netstandard1.3)) (== netcoreapp2.1) (== netstandard2.0)
      System.Globalization (>= 4.3) - restriction: || (&& (== net45) (>= netstandard1.3)) (== netcoreapp2.1) (== netstandard2.0)
      System.IO (>= 4.3) - restriction: || (&& (== net45) (>= netstandard1.3)) (== netcoreapp2.1) (== netstandard2.0)
      System.Resources.ResourceManager (>= 4.3) - restriction: || (&& (== net45) (>= netstandard1.3)) (== netcoreapp2.1) (== netstandard2.0)
      System.Runtime (>= 4.3) - restriction: || (&& (== net45) (>= netstandard1.3)) (== netcoreapp2.1) (== netstandard2.0)
      System.Runtime.Extensions (>= 4.3) - restriction: || (&& (== net45) (>= netstandard1.3)) (== netcoreapp2.1) (== netstandard2.0)
      System.Threading (>= 4.3) - restriction: || (&& (== net45) (>= netstandard1.3)) (== netcoreapp2.1) (== netstandard2.0)
      System.Xml.ReaderWriter (>= 4.3) - restriction: || (&& (== net45) (>= netstandard1.3)) (== netcoreapp2.1) (== netstandard2.0)
    System.Xml.XPath.XmlDocument (4.3) - restriction: || (&& (== net45) (>= netcoreapp1.0)) (== netcoreapp2.1) (&& (== netstandard2.0) (>= netcoreapp1.0))
      System.Collections (>= 4.3) - restriction: || (&& (== net45) (>= netstandard1.3)) (== netcoreapp2.1) (== netstandard2.0)
      System.Globalization (>= 4.3) - restriction: || (&& (== net45) (>= netstandard1.3)) (== netcoreapp2.1) (== netstandard2.0)
      System.IO (>= 4.3) - restriction: || (&& (== net45) (>= netstandard1.3)) (== netcoreapp2.1) (== netstandard2.0)
      System.Resources.ResourceManager (>= 4.3) - restriction: || (&& (== net45) (>= netstandard1.3)) (== netcoreapp2.1) (== netstandard2.0)
      System.Runtime (>= 4.3) - restriction: || (&& (== net45) (>= netstandard1.3)) (== netcoreapp2.1) (== netstandard2.0)
      System.Runtime.Extensions (>= 4.3) - restriction: || (&& (== net45) (>= netstandard1.3)) (== netcoreapp2.1) (== netstandard2.0)
      System.Threading (>= 4.3) - restriction: || (&& (== net45) (>= netstandard1.3)) (== netcoreapp2.1) (== netstandard2.0)
      System.Xml.ReaderWriter (>= 4.3) - restriction: || (&& (== net45) (>= netstandard1.3)) (== netcoreapp2.1) (== netstandard2.0)
      System.Xml.XmlDocument (>= 4.3) - restriction: || (&& (== net45) (>= net46)) (&& (== net45) (>= netstandard1.3)) (== netcoreapp2.1) (== netstandard2.0)
      System.Xml.XPath (>= 4.3) - restriction: || (&& (== net45) (>= net46)) (&& (== net45) (>= netstandard1.3)) (== netcoreapp2.1) (== netstandard2.0)

GROUP Build
RESTRICTION: == net45
NUGET
  remote: https://api.nuget.org/v3/index.json
    FAKE (4.64.13)
    Octokit (0.30)
      SourceLink.Create.GitHub (>= 2.8)
    SourceLink.Create.GitHub (2.8.3)
GITHUB
  remote: fsharp/FAKE
    modules/Octokit/Octokit.fsx (320bdd6c69725de15a7734cb40d0f6330b37ec64)
      Octokit (>= 0.20)